GEM
  specs:
    dotenv (2.7.6)

PLATFORMS
  arm64-darwin-20

DEPENDENCIES
  dotenv

BUNDLED WITH
   2.3.5
